GEM
  remote: https://rubygems.org/
  specs:
    addressable (2.8.7)
      public_suffix (>= 2.0.2, < 7.0)
    base64 (0.2.0)
    bigdecimal (3.1.8)
    concurrent-ruby (1.3.5)
    date (3.4.1)
    domain_name (0.6.20240107)
    dotenv (2.8.1)
    dry-configurable (0.15.0)
      concurrent-ruby (~> 1.0)
      dry-core (~> 0.6)
    dry-container (0.11.0)
      concurrent-ruby (~> 1.0)
    dry-core (0.9.1)
      concurrent-ruby (~> 1.0)
      zeitwerk (~> 2.6)
    dry-inflector (0.3.0)
    dry-initializer (3.2.0)
    dry-logic (1.3.0)
      concurrent-ruby (~> 1.0)
      dry-core (~> 0.9, >= 0.9)
      zeitwerk (~> 2.6)
    dry-types (1.6.1)
      concurrent-ruby (~> 1.0)
      dry-container (~> 0.3)
      dry-core (~> 0.9, >= 0.9)
      dry-inflector (~> 0.1, >= 0.1.2)
      dry-logic (~> 1.3, >= 1.3)
      zeitwerk (~> 2.6)
    erb (5.0.1)
    erubi (1.11.0)
    ffi (1.17.2-arm64-darwin)
    ffi-compiler (1.3.2)
      ffi (>= 1.15.5)
      rake
    forme (2.2.0)
    http (5.2.0)
      addressable (~> 2.8)
      base64 (~> 0.1)
      http-cookie (~> 1.0)
      http-form_data (~> 2.2)
      llhttp-ffi (~> 0.5.0)
    http-cookie (1.0.8)
      domain_name (~> 0.5)
    http-form_data (2.3.0)
    i18n (1.14.5)
      concurrent-ruby (~> 1.0)
    io-console (0.8.0)
    irb (1.15.2)
      pp (>= 0.6.0)
      rdoc (>= 4.0.0)
      reline (>= 0.4.2)
    listen (3.7.1)
      rb-fsevent (~> 0.10, >= 0.10.3)
      rb-inotify (~> 0.9, >= 0.9.10)
    llhttp-ffi (0.5.1)
      ffi-compiler (~> 1.0)
      rake (~> 13.0)
    logger (1.7.0)
    money (6.19.0)
      i18n (>= 0.6.4, <= 2)
    nio4r (2.7.3)
    pagy (6.0.1)
    pg (1.4.3)
    pp (0.6.2)
      prettyprint
    prettyprint (0.2.0)
    psych (5.2.6)
      date
      stringio
    public_suffix (6.0.2)
    puma (6.4.2)
      nio4r (~> 2.0)
    rack (3.1.15)
    rackup (0.2.2)
      rack (>= 3.0.0.beta1)
      webrick
    rake (13.3.0)
    rb-fsevent (0.11.2)
    rb-inotify (0.10.1)
      ffi (~> 1.0)
    rdoc (6.14.0)
      erb
      psych (>= 4.0.0)
    reline (0.6.1)
      io-console (~> 0.5)
    roda (3.60.0)
      rack
    roda-turbo (1.0.0)
      roda (~> 3.50)
    sequel (5.61.0)
    sequel_tools (0.1.14)
      sequel
    stringio (3.1.7)
    tilt (2.0.11)
    webrick (1.7.0)
    zeitwerk (2.6.0)

PLATFORMS
  arm64-darwin-21
  arm64-darwin-22
  arm64-darwin-23
  arm64-darwin-24

DEPENDENCIES
  base64 (~> 0.2.0)
  bigdecimal (~> 3.1)
  concurrent-ruby (~> 1.1)
  dotenv (~> 2.8)
  dry-configurable (~> 0.15.0)
  dry-inflector (~> 0.3.0)
  dry-initializer (~> 3.1)
  dry-types (~> 1.5)
  erubi (~> 1.11)
  forme (~> 2.2)
  http (~> 5.1)
  irb (~> 1.15)
  listen (~> 3.7)
  logger
  money (~> 6.16)
  pagy (~> 6.0)
  pg (~> 1.4)
  puma (~> 6.4)
  rackup (~> 0.2.2)
  roda (~> 3.60)
  roda-turbo (~> 1.0)
  sequel (~> 5.60)
  sequel_tools (~> 0.1.14)
  tilt (~> 2.0)
  zeitwerk (~> 2.6)

BUNDLED WITH
   2.5.13
